GEM
  remote: https://rubygems.org/
  specs:
    cucumber (3.1.2)
    capybara (3.12.0)
    rspec (3.8.0)
    selenium-webdriver (3.141)
    touch_action (1.3.3)

PLATFORMS
  ruby

DEPENDENCIES
  cucumber
  capybara
  rspec
  selenium-webdriver
  touch_action

BUNDLED WITH
   2.0.1